GEM
  remote: https://rubygems.org/
  specs:
    rack (2.2.3)
    rulers (0.0.1)
      rack

PLATFORMS
  ruby

DEPENDENCIES
  rulers

BUNDLED WITH
   1.17.3
